GEM
  remote: http://rubygems.org/
  specs:
    hpricot (0.8.2)
    httpclient (2.1.5.2)
    rack (1.2.1)
    rio (0.4.2)
    sinatra (1.0)
      rack (>= 1.0)

PLATFORMS
  ruby

DEPENDENCIES
  hpricot
  httpclient
  rio
  sinatra
