GEM
  remote: http://rubygems.org/
  specs:
    hpricot (0.8.5)
    httpclient (2.2.4)
    rack (1.4.0)
    rack-protection (1.2.0)
      rack
    rio (0.4.2)
    sinatra (1.3.2)
      rack (~> 1.3, >= 1.3.6)
      rack-protection (~> 1.2)
      tilt (~> 1.3, >= 1.3.3)
    tilt (1.3.3)

PLATFORMS
  ruby

DEPENDENCIES
  hpricot
  httpclient
  rio
  sinatra
